PATH
  remote: .
  specs:
    clipboard_manager (0.1.0)
      clipboard

GEM
  remote: https://rubygems.org/
  specs:
    clipboard (1.3.3)
    minitest (5.11.3)
    rake (10.5.0)

PLATFORMS
  ruby

DEPENDENCIES
  bundler (~> 1.16)
  clipboard_manager!
  minitest (~> 5.0)
  rake (~> 10.0)

BUNDLED WITH
   1.16.1
