PATH
  remote: .
  specs:
    clipboard_manager (0.1.0)
      clipboard

GEM
  remote: https://rubygems.org/
  specs:
    clipboard (1.3.3)
    power_assert (1.1.5)
    rake (10.5.0)
    test-unit (3.3.4)
      power_assert

PLATFORMS
  ruby

DEPENDENCIES
  bundler (~> 1.16)
  clipboard_manager!
  rake (~> 10.0)
  test-unit

BUNDLED WITH
   1.16.1
